GIT
  remote: git://github.com/collectiveidea/awesome_nested_set.git
  revision: 0cbf05352d59efcb965c78ff240efc05e62c8bae
  specs:
    awesome_nested_set (2.1.0)
      activerecord (>= 3.0.0)

GIT
  remote: https://github.com/armstrjare/compass.git
  revision: ee9ed3f3335f75950bb620aed1e49ce4adf51ce6
  branch: fix_sprockets_static_asset_error
  specs:
    compass (0.12.alpha.0.ee9ed3f)
      chunky_png (~> 1.2)
      fssm (>= 0.2.7)
      sass (~> 3.1)

GEM
  remote: http://rubygems.org/
  specs:
    actionmailer (3.1.1)
      actionpack (= 3.1.1)
      mail (~> 2.3.0)
    actionpack (3.1.1)
      activemodel (= 3.1.1)
      activesupport (= 3.1.1)
      builder (~> 3.0.0)
      erubis (~> 2.7.0)
      i18n (~> 0.6)
      rack (~> 1.3.2)
      rack-cache (~> 1.1)
      rack-mount (~> 0.8.2)
      rack-test (~> 0.6.1)
      sprockets (~> 2.0.2)
    active_reload (0.6.1)
    activemodel (3.1.1)
      activesupport (= 3.1.1)
      builder (~> 3.0.0)
      i18n (~> 0.6)
    activerecord (3.1.1)
      activemodel (= 3.1.1)
      activesupport (= 3.1.1)
      arel (~> 2.2.1)
      tzinfo (~> 0.3.29)
    activeresource (3.1.1)
      activemodel (= 3.1.1)
      activesupport (= 3.1.1)
    activesupport (3.1.1)
      multi_json (~> 1.0)
    addressable (2.2.6)
    ansi (1.3.0)
    appconfig (0.1.1)
    archive-tar-minitar (0.5.2)
    arel (2.2.1)
    builder (3.0.0)
    capybara (1.1.1)
      mime-types (>= 1.16)
      nokogiri (>= 1.3.3)
      rack (>= 1.0.0)
      rack-test (>= 0.5.4)
      selenium-webdriver (~> 2.0)
      xpath (~> 0.1.4)
    childprocess (0.2.2)
      ffi (~> 1.0.6)
    chunky_png (1.2.5)
    coffee-rails (3.1.1)
      coffee-script (>= 2.2.0)
      railties (~> 3.1.0)
    coffee-script (2.2.0)
      coffee-script-source
      execjs
    coffee-script-source (1.1.2)
    columnize (0.3.4)
    cucumber (1.1.0)
      builder (>= 2.1.2)
      diff-lcs (>= 1.1.2)
      gherkin (~> 2.5.0)
      json (>= 1.4.6)
      term-ansicolor (>= 1.0.6)
    cucumber-rails (1.1.1)
      capybara (>= 1.1.1)
      cucumber (>= 1.1.0)
      nokogiri (>= 1.5.0)
    database_cleaner (0.6.7)
    diff-lcs (1.1.3)
    erubis (2.7.0)
    execjs (1.2.9)
      multi_json (~> 1.0)
    factory_girl (2.2.0)
      activesupport
    factory_girl_rails (1.3.0)
      factory_girl (~> 2.2.0)
      railties (>= 3.0.0)
    faker (1.0.1)
      i18n (~> 0.4)
    ffi (1.0.9)
    fssm (0.2.7)
    gherkin (2.5.4)
      json (>= 1.4.6)
    has_scope (0.5.1)
    hike (1.2.1)
    i18n (0.6.0)
    inherited_resources (1.3.0)
      has_scope (~> 0.5.0)
      responders (~> 0.6.0)
    jasmine (1.1.0)
      jasmine-core (>= 1.1.0)
      rack (>= 1.1)
      rspec (>= 1.3.1)
      selenium-webdriver (>= 0.1.3)
    jasmine-core (1.1.0)
    jquery-rails (1.0.16)
      railties (~> 3.0)
      thor (~> 0.14)
    json (1.6.1)
    json_pure (1.6.1)
    kaminari (0.12.4)
      rails (>= 3.0.0)
    launchy (2.0.5)
      addressable (~> 2.2.6)
    libv8 (3.3.10.2)
    linecache19 (0.5.12)
      ruby_core_source (>= 0.1.4)
    mail (2.3.0)
      i18n (>= 0.4.0)
      mime-types (~> 1.16)
      treetop (~> 1.4.8)
    mime-types (1.17.1)
    minitest (2.6.2)
    multi_json (1.0.3)
    nokogiri (1.5.0)
    polyglot (0.3.2)
    rack (1.3.5)
    rack-cache (1.1)
      rack (>= 0.4)
    rack-mount (0.8.3)
      rack (>= 1.0.0)
    rack-ssl (1.3.2)
      rack
    rack-test (0.6.1)
      rack (>= 1.0)
    rails (3.1.1)
      actionmailer (= 3.1.1)
      actionpack (= 3.1.1)
      activerecord (= 3.1.1)
      activeresource (= 3.1.1)
      activesupport (= 3.1.1)
      bundler (~> 1.0)
      railties (= 3.1.1)
    railties (3.1.1)
      actionpack (= 3.1.1)
      activesupport (= 3.1.1)
      rack-ssl (~> 1.3.2)
      rake (>= 0.8.7)
      rdoc (~> 3.4)
      thor (~> 0.14.6)
    rake (0.9.2.2)
    rdoc (3.11)
      json (~> 1.4)
    responders (0.6.4)
    rspec (2.7.0)
      rspec-core (~> 2.7.0)
      rspec-expectations (~> 2.7.0)
      rspec-mocks (~> 2.7.0)
    rspec-core (2.7.1)
    rspec-expectations (2.7.0)
      diff-lcs (~> 1.1.2)
    rspec-mocks (2.7.0)
    rspec-rails (2.7.0)
      actionpack (~> 3.0)
      activesupport (~> 3.0)
      railties (~> 3.0)
      rspec (~> 2.7.0)
    ruby-debug-base19 (0.11.25)
      columnize (>= 0.3.1)
      linecache19 (>= 0.5.11)
      ruby_core_source (>= 0.1.4)
    ruby-debug19 (0.11.6)
      columnize (>= 0.3.1)
      linecache19 (>= 0.5.11)
      ruby-debug-base19 (>= 0.11.19)
    ruby_core_source (0.1.5)
      archive-tar-minitar (>= 0.5.2)
    rubyzip (0.9.4)
    sass (3.1.10)
    sass-rails (3.1.4)
      actionpack (~> 3.1.0)
      railties (~> 3.1.0)
      sass (>= 3.1.4)
      sprockets (~> 2.0.0)
      tilt (~> 1.3.2)
    selenium-webdriver (2.9.1)
      childprocess (>= 0.2.1)
      ffi (= 1.0.9)
      json_pure
      rubyzip
    shoulda-matchers (1.0.0.beta3)
    simple_form (1.5.2)
      actionpack (~> 3.0)
      activemodel (~> 3.0)
    slim (1.0.3)
      temple (~> 0.3.4)
      tilt (~> 1.3.2)
    spork (0.9.0.rc9)
    sprockets (2.0.3)
      hike (~> 1.2)
      rack (~> 1.0)
      tilt (~> 1.1, != 1.3.0)
    sqlite3 (1.3.4)
    temple (0.3.4)
    term-ansicolor (1.0.7)
    therubyracer (0.9.8)
      libv8 (~> 3.3.10)
    thor (0.14.6)
    tilt (1.3.3)
    timecop (0.3.5)
    treetop (1.4.10)
      polyglot
      polyglot (>= 0.3.1)
    turn (0.8.3)
      ansi
    tzinfo (0.3.30)
    uglifier (1.0.4)
      execjs (>= 0.3.0)
      multi_json (>= 1.0.2)
    webrat (0.7.3)
      nokogiri (>= 1.2.0)
      rack (>= 1.0)
      rack-test (>= 0.5.3)
    xpath (0.1.4)
      nokogiri (~> 1.3)

PLATFORMS
  ruby

DEPENDENCIES
  active_reload
  appconfig
  awesome_nested_set!
  capybara
  coffee-rails
  compass!
  cucumber-rails
  database_cleaner
  factory_girl_rails
  faker
  inherited_resources
  jasmine
  jquery-rails
  kaminari
  launchy
  minitest
  rails (= 3.1.1)
  rspec-rails
  ruby-debug19
  sass-rails
  shoulda-matchers
  simple_form
  slim
  spork (~> 0.9.0.rc9)
  sqlite3
  therubyracer
  timecop
  turn
  uglifier
  webrat
